GEM
  remote: https://rubygems.org/
  specs:
    base64 (0.2.0)
    multi_json (1.15.0)
    mustermann (3.0.0)
      ruby2_keywords (~> 0.0.1)
    nio4r (2.7.0)
    puma (6.4.0)
      nio4r (~> 2.0)
    rack (2.2.8)
    rack-protection (3.2.0)
      base64 (>= 0.1.0)
      rack (~> 2.2, >= 2.2.4)
    ruby2_keywords (0.0.5)
    sinatra (3.2.0)
      mustermann (~> 3.0)
      rack (~> 2.2, >= 2.2.4)
      rack-protection (= 3.2.0)
      tilt (~> 2.0)
    sinatra-contrib (3.2.0)
      multi_json (>= 0.0.2)
      mustermann (~> 3.0)
      rack-protection (= 3.2.0)
      sinatra (= 3.2.0)
      tilt (~> 2.0)
    tilt (2.3.0)

PLATFORMS
  arm64-darwin-22

DEPENDENCIES
  puma
  sinatra
  sinatra-contrib

CHECKSUMS
  base64 (0.2.0) sha256=0f25e9b21a02a0cc0cea8ef92b2041035d39350946e8789c562b2d1a3da01507
  multi_json (1.15.0) sha256=1fd04138b6e4a90017e8d1b804c039031399866ff3fbabb7822aea367c78615d
  mustermann (3.0.0) sha256=6d3569aa3c3b2f048c60626f48d9b2d561cc8d2ef269296943b03da181c08b67
  nio4r (2.7.0) sha256=9586a685eca8246d6406e712a525e705d15bb88f709d78fc3f141e864df97276
  puma (6.4.0) sha256=d5dda11362744df9f4694708a62e3cfddf72eba7498c16016ebbb30f106712f9
  rack (2.2.8) sha256=7b83a1f1304a8f5554c67bc83632d29ecd2ed1daeb88d276b7898533fde22d97
  rack-protection (3.2.0) sha256=3c74ba7fc59066453d61af9bcba5b6fe7a9b3dab6f445418d3b391d5ea8efbff
  ruby2_keywords (0.0.5) sha256=ffd13740c573b7301cf7a2e61fc857b2a8e3d3aff32545d6f8300d8bae10e3ef
  sinatra (3.2.0) sha256=6e727f4d034e87067d9aab37f328021d7c16722ffd293ef07b6e968915109807
  sinatra-contrib (3.2.0) sha256=0c32a9e1eb2c22e9b597c044fedde0803f6779aaa7090d074455ad83aaf1efc1
  tilt (2.3.0) sha256=82dd903d61213c63679d28e404ee8e10d1b0fdf5270f1ad0898ec314cc3e745c

BUNDLED WITH
   2.5.0.dev
